GEM
  remote: https://rubygems.org/
  specs:
    capistrano (2.5.21)
      highline
      net-scp (>= 1.0.0)
      net-sftp (>= 2.0.0)
      net-ssh (>= 2.0.14)
      net-ssh-gateway (>= 1.0.0)
    hiera (1.3.2)
      json_pure
    highline (1.6.21)
    json_pure (1.8.1)
    net-scp (1.2.1)
      net-ssh (>= 2.6.5)
    net-sftp (2.1.2)
      net-ssh (>= 2.6.5)
    net-ssh (2.9.1)
    net-ssh-gateway (1.2.0)
      net-ssh (>= 2.6.5)
    supply_drop (0.17.0)
      capistrano (>= 2.5.21)

PLATFORMS
  ruby

DEPENDENCIES
  capistrano (= 2.5.21)
  hiera (= 1.3.2)
  supply_drop (= 0.17.0)
